GEM
  remote: http://rubygems.org/
  specs:
    git (1.2.5)
    highline (1.6.1)
    jeweler (1.5.1)
      bundler (~> 1.0.0)
      git (>= 1.2.5)
      rake
    net-sftp (2.0.5)
      net-ssh (>= 2.0.9)
    net-ssh (2.0.23)
    rake (0.8.7)
    rcov (0.9.9)
    shoulda (2.11.3)
    syslog-logger (1.6.4)

PLATFORMS
  ruby
  x86-mingw32

DEPENDENCIES
  bundler (~> 1.0.0)
  git
  highline
  jeweler (~> 1.5.1)
  net-sftp
  rcov
  shoulda
  syslog-logger
